GEM
  remote: https://rubygems.org/
  specs:
    backports (3.6.4)
    bson (3.0.1)
    bson (3.0.1-java)
    mongo (2.0.2)
      bson (~> 3.0)
    multi_json (1.11.0)
    puma (2.11.1)
      rack (>= 1.1, < 2.0)
    puma (2.11.1-java)
      rack (>= 1.1, < 2.0)
    rack (1.6.0)
    rack-protection (1.5.3)
      rack
    rack-test (0.6.3)
      rack (>= 1.0)
    sinatra (1.4.6)
      rack (~> 1.4)
      rack-protection (~> 1.4)
      tilt (>= 1.3, < 3)
    sinatra-contrib (1.4.2)
      backports (>= 2.0)
      multi_json
      rack-protection
      rack-test
      sinatra (~> 1.4.0)
      tilt (~> 1.3)
    tilt (1.4.1)

PLATFORMS
  java
  ruby

DEPENDENCIES
  mongo
  puma
  sinatra
  sinatra-contrib
